GEM
  remote: https://rubygems.org/
  specs:
    childprocess (0.3.9)
      ffi (~> 1.0, >= 1.0.11)
    coderay (1.0.9)
    diff-lcs (1.2.4)
    ffi (1.9.0)
    formatador (0.2.4)
    fuubar (1.1.1)
      rspec (~> 2.0)
      rspec-instafail (~> 0.2.0)
      ruby-progressbar (~> 1.0)
    gosu (0.7.48)
    guard (1.8.1)
      formatador (>= 0.2.4)
      listen (>= 1.0.0)
      lumberjack (>= 1.0.2)
      pry (>= 0.9.10)
      thor (>= 0.14.6)
    guard-rspec (3.0.2)
      guard (>= 1.8)
      rspec (~> 2.13)
    guard-spork (1.5.1)
      childprocess (>= 0.2.3)
      guard (>= 1.1)
      spork (>= 0.8.4)
    listen (1.2.2)
      rb-fsevent (>= 0.9.3)
      rb-inotify (>= 0.9)
      rb-kqueue (>= 0.2)
    lumberjack (1.0.4)
    method_source (0.8.1)
    pry (0.9.12.2)
      coderay (~> 1.0.5)
      method_source (~> 0.8)
      slop (~> 3.4)
    rake (10.1.0)
    rb-fsevent (0.9.3)
    rb-inotify (0.9.0)
      ffi (>= 0.5.0)
    rb-kqueue (0.2.0)
      ffi (>= 0.5.0)
    rspec (2.14.1)
      rspec-core (~> 2.14.0)
      rspec-expectations (~> 2.14.0)
      rspec-mocks (~> 2.14.0)
    rspec-core (2.14.3)
    rspec-expectations (2.14.0)
      diff-lcs (>= 1.1.3, < 2.0)
    rspec-instafail (0.2.4)
    rspec-mocks (2.14.1)
    ruby-progressbar (1.1.1)
    slop (3.4.5)
    spork (0.9.2)
    terminal-notifier-guard (1.5.3)
    thor (0.18.1)

PLATFORMS
  ruby

DEPENDENCIES
  fuubar
  gosu (~> 0.7.47)
  guard-rspec
  guard-spork (~> 1.4)
  rake
  rb-fsevent (~> 0.9)
  rspec (~> 2.14)
  spork (~> 0.9)
  terminal-notifier-guard
