GEM
  specs:
    gosu (0.7.47.1)

PLATFORMS
  ruby

DEPENDENCIES
  gosu (~> 0.7.47)
